PATH
  remote: .
  specs:
    elibri_onix_dict (0.0.60)
      amatch

GEM
  remote: https://rubygems.org/
  specs:
    amatch (0.4.0)
      mize
      tins (~> 1.0)
    coderay (1.0.6)
    git (1.2.5)
    jeweler (1.6.4)
      bundler (~> 1.0)
      git (>= 1.2.5)
      rake
    method_source (0.7.1)
    minitest (3.0.0)
    mize (0.4.0)
      protocol (~> 2.0)
    protocol (2.0.0)
      ruby_parser (~> 3.0)
    pry (0.9.9.6)
      coderay (~> 1.0.5)
      method_source (~> 0.7.1)
      slop (>= 2.4.4, < 3)
    pry (0.9.9.6-java)
      coderay (~> 1.0.5)
      method_source (~> 0.7.1)
      slop (>= 2.4.4, < 3)
      spoon (~> 0.0)
    rake (0.9.2.2)
    ruby_parser (3.14.1)
      sexp_processor (~> 4.9)
    sexp_processor (4.13.0)
    slop (2.4.4)
    spoon (0.0.1)
    tins (1.22.2)

PLATFORMS
  java
  ruby

DEPENDENCIES
  bundler (>= 1.0.0)
  elibri_onix_dict!
  jeweler (~> 1.6.2)
  minitest
  pry

BUNDLED WITH
   1.16.6
