PATH
  remote: .
  specs:
    elibri_onix_dict (0.0.17)

GEM
  remote: https://rubygems.org/
  specs:
    coderay (1.0.6)
    git (1.2.5)
    jeweler (1.6.4)
      bundler (~> 1.0)
      git (>= 1.2.5)
      rake
    method_source (0.7.1)
    minitest (3.0.0)
    pry (0.9.9.6)
      coderay (~> 1.0.5)
      method_source (~> 0.7.1)
      slop (>= 2.4.4, < 3)
    pry (0.9.9.6-java)
      coderay (~> 1.0.5)
      method_source (~> 0.7.1)
      slop (>= 2.4.4, < 3)
      spoon (~> 0.0)
    rake (0.9.2.2)
    slop (2.4.4)
    spoon (0.0.1)

PLATFORMS
  java
  ruby

DEPENDENCIES
  bundler (>= 1.0.0)
  elibri_onix_dict!
  jeweler (~> 1.6.2)
  minitest
  pry
